GEM
  remote: https://rubygems.org/
  specs:
    hiredis (0.6.3)
    mustermann (1.1.1)
      ruby2_keywords (~> 0.0.1)
    nest (3.2.0)
      redic
    ohm (3.1.1)
      nest (~> 3)
      redic (~> 1.5.0)
      stal
    rack (2.2.3)
    rack-protection (2.1.0)
      rack
    redic (1.5.3)
      hiredis
    ruby2_keywords (0.0.5)
    sinatra (2.1.0)
      mustermann (~> 1.0)
      rack (~> 2.2)
      rack-protection (= 2.1.0)
      tilt (~> 2.0)
    stal (0.3.0)
      redic (~> 1.5)
    tilt (2.0.10)

PLATFORMS
  x86_64-linux

DEPENDENCIES
  ohm
  sinatra

BUNDLED WITH
   2.2.31
